PATH
  remote: ../..
  specs:
    inherited_resources (1.11.0)
      actionpack (>= 5.2, < 6.1)
      has_scope (~> 0.6)
      railties (>= 5.2, < 6.1)
      responders (>= 2, < 4)

GEM
  remote: https://rubygems.org/
  specs:
    actioncable (5.2.4)
      actionpack (= 5.2.4)
      nio4r (~> 2.0)
      websocket-driver (>= 0.6.1)
    actionmailer (5.2.4)
      actionpack (= 5.2.4)
      actionview (= 5.2.4)
      activejob (= 5.2.4)
      mail (~> 2.5, >= 2.5.4)
      rails-dom-testing (~> 2.0)
    actionpack (5.2.4)
      actionview (= 5.2.4)
      activesupport (= 5.2.4)
      rack (~> 2.0)
      rack-test (>= 0.6.3)
      rails-dom-testing (~> 2.0)
      rails-html-sanitizer (~> 1.0, >= 1.0.2)
    actionview (5.2.4)
      activesupport (= 5.2.4)
      builder (~> 3.1)
      erubi (~> 1.4)
      rails-dom-testing (~> 2.0)
      rails-html-sanitizer (~> 1.0, >= 1.0.3)
    activejob (5.2.4)
      activesupport (= 5.2.4)
      globalid (>= 0.3.6)
    activemodel (5.2.4)
      activesupport (= 5.2.4)
    activerecord (5.2.4)
      activemodel (= 5.2.4)
      activesupport (= 5.2.4)
      arel (>= 9.0)
    activestorage (5.2.4)
      actionpack (= 5.2.4)
      activerecord (= 5.2.4)
      marcel (~> 0.3.1)
    activesupport (5.2.4)
      concurrent-ruby (~> 1.0, >= 1.0.2)
      i18n (>= 0.7, < 2)
      minitest (~> 5.1)
      tzinfo (~> 1.1)
    addressable (2.5.2)
      public_suffix (>= 2.0.2, < 4.0)
    arel (9.0.0)
    builder (3.2.3)
    chandler (0.9.0)
      netrc
      octokit (>= 2.2.0)
    concurrent-ruby (1.1.5)
    crass (1.0.5)
    erubi (1.9.0)
    faraday (0.15.4)
      multipart-post (>= 1.2, < 3)
    globalid (0.4.2)
      activesupport (>= 4.2.0)
    has_scope (0.7.2)
      actionpack (>= 4.1)
      activesupport (>= 4.1)
    i18n (1.7.0)
      concurrent-ruby (~> 1.0)
    loofah (2.4.0)
      crass (~> 1.0.2)
      nokogiri (>= 1.5.9)
    mail (2.7.1)
      mini_mime (>= 0.1.1)
    marcel (0.3.3)
      mimemagic (~> 0.3.2)
    method_source (0.9.2)
    mimemagic (0.3.3)
    mini_mime (1.0.2)
    mini_portile2 (2.4.0)
    minitest (5.13.0)
    minitest-rg (5.2.0)
      minitest (~> 5.0)
    mocha (1.11.1)
    multipart-post (2.0.0)
    netrc (0.11.0)
    nio4r (2.5.2)
    nio4r (2.5.2-java)
    nokogiri (1.10.5)
      mini_portile2 (~> 2.4.0)
    nokogiri (1.10.5-java)
    octokit (4.13.0)
      sawyer (~> 0.8.0, >= 0.5.3)
    public_suffix (3.0.3)
    rack (2.0.7)
    rack-test (1.1.0)
      rack (>= 1.0, < 3)
    rails (5.2.4)
      actioncable (= 5.2.4)
      actionmailer (= 5.2.4)
      actionpack (= 5.2.4)
      actionview (= 5.2.4)
      activejob (= 5.2.4)
      activemodel (= 5.2.4)
      activerecord (= 5.2.4)
      activestorage (= 5.2.4)
      activesupport (= 5.2.4)
      bundler (>= 1.3.0)
      railties (= 5.2.4)
      sprockets-rails (>= 2.0.0)
    rails-controller-testing (1.0.4)
      actionpack (>= 5.0.1.x)
      actionview (>= 5.0.1.x)
      activesupport (>= 5.0.1.x)
    rails-dom-testing (2.0.3)
      activesupport (>= 4.2.0)
      nokogiri (>= 1.6)
    rails-html-sanitizer (1.3.0)
      loofah (~> 2.3)
    railties (5.2.4)
      actionpack (= 5.2.4)
      activesupport (= 5.2.4)
      method_source
      rake (>= 0.8.7)
      thor (>= 0.19.0, < 2.0)
    rake (13.0.1)
    responders (3.0.0)
      actionpack (>= 5.0)
      railties (>= 5.0)
    sawyer (0.8.1)
      addressable (>= 2.3.5, < 2.6)
      faraday (~> 0.8, < 1.0)
    sprockets (3.7.2)
      concurrent-ruby (~> 1.0)
      rack (> 1, < 3)
    sprockets-rails (3.2.1)
      actionpack (>= 4.0)
      activesupport (>= 4.0)
      sprockets (>= 3.0.0)
    thor (0.20.3)
    thread_safe (0.3.6)
    thread_safe (0.3.6-java)
    tzinfo (1.2.5)
      thread_safe (~> 0.1)
    websocket-driver (0.7.1)
      websocket-extensions (>= 0.1.0)
    websocket-driver (0.7.1-java)
      websocket-extensions (>= 0.1.0)
    websocket-extensions (0.1.4)

PLATFORMS
  java
  ruby

DEPENDENCIES
  chandler (= 0.9.0)
  inherited_resources!
  minitest-rg
  mocha
  rails (~> 5.2.a)
  rails-controller-testing

BUNDLED WITH
   2.0.2
